GEM
  remote: https://rubygems.org/
  specs:
    csv (3.3.0)
    kdtree (0.4)
    numo-narray (0.9.2.1)
    optparse (0.5.0)
    parallel (1.25.1)

PLATFORMS
  arm64-darwin-23
  ruby

DEPENDENCIES
  csv
  kdtree
  numo-narray (~> 0.9.2.1)
  optparse
  parallel

BUNDLED WITH
   2.5.17
